GEM
  remote: http://rubygems.org/
  specs:
    activesupport (3.0.4)
    builder (3.0.0)
    curb (0.7.10)
    diff-lcs (1.1.2)
    feedzirra (0.0.24)
      activesupport (>= 2.3.8)
      builder (>= 2.1.2)
      curb (>= 0.2.3)
      loofah (>= 0.3.1)
      nokogiri (> 0.0.0)
      sax-machine (>= 0.0.12)
    i18n (0.5.0)
    json (1.4.6)
    loofah (1.0.0)
      nokogiri (>= 1.3.3)
    mimic (0.4.1)
      json
      plist
      rack
      sinatra
    mocha (0.9.12)
    newrelic_rpm (2.13.4)
    nokogiri (1.4.4)
    plist (3.1.0)
    rack (1.2.1)
    rack-test (0.5.7)
      rack (>= 1.0)
    rake (0.8.7)
    rspec (2.5.0)
      rspec-core (~> 2.5.0)
      rspec-expectations (~> 2.5.0)
      rspec-mocks (~> 2.5.0)
    rspec-core (2.5.1)
    rspec-expectations (2.5.0)
      diff-lcs (~> 1.1.2)
    rspec-mocks (2.5.0)
    sax-machine (0.0.16)
      nokogiri (> 0.0.0)
    sinatra (1.1.2)
      rack (~> 1.1)
      tilt (~> 1.2)
    tilt (1.2.2)

PLATFORMS
  ruby

DEPENDENCIES
  activesupport (~> 3.0.4)
  feedzirra
  i18n
  json (~> 1.4.0)
  mimic
  mocha (~> 0.9.8)
  newrelic_rpm
  rack-test
  rake
  rspec (~> 2.5.0)
  sinatra (~> 1.1.0)
