GIT
  remote: git://github.com/pauldix/feedzirra.git
  revision: 80cd35766e40ee3058db1c5c0c25448baeea4212
  specs:
    feedzirra (0.2.0.rc2)
      curb (~> 0.8.1)
      loofah (~> 1.2.1)
      nokogiri (~> 1.5.3)
      sax-machine (~> 0.2.0.rc1)

GEM
  remote: http://rubygems.org/
  specs:
    activesupport (3.2.13)
      i18n (= 0.6.1)
      multi_json (~> 1.0)
    backports (3.3.0)
    curb (0.8.3)
    diff-lcs (1.2.4)
    eventmachine (1.0.3)
    i18n (0.6.1)
    json (1.7.7)
    loofah (1.2.1)
      nokogiri (>= 1.4.4)
    metaclass (0.0.1)
    mimic (0.4.3)
      json
      plist
      rack
      sinatra
    mocha (0.13.3)
      metaclass (~> 0.0.1)
    multi_json (1.7.3)
    nokogiri (1.5.9)
    plist (3.1.0)
    rack (1.5.2)
    rack-protection (1.5.0)
      rack
    rack-test (0.6.2)
      rack (>= 1.0)
    rspec (2.13.0)
      rspec-core (~> 2.13.0)
      rspec-expectations (~> 2.13.0)
      rspec-mocks (~> 2.13.0)
    rspec-core (2.13.1)
    rspec-expectations (2.13.0)
      diff-lcs (>= 1.1.3, < 2.0)
    rspec-mocks (2.13.1)
    sax-machine (0.2.0.rc1)
      nokogiri (~> 1.5.2)
    sinatra (1.4.2)
      rack (~> 1.5, >= 1.5.2)
      rack-protection (~> 1.4)
      tilt (~> 1.3, >= 1.3.4)
    sinatra-contrib (1.4.0)
      backports (>= 2.0)
      eventmachine
      rack-protection
      rack-test
      sinatra (~> 1.4.2)
      tilt (~> 1.3)
    tilt (1.4.1)
    yajl-ruby (1.1.0)

PLATFORMS
  ruby

DEPENDENCIES
  activesupport (~> 3.2.13)
  feedzirra!
  i18n
  mimic
  mocha
  rack-test
  rspec (~> 2.13.0)
  sinatra (~> 1.4.0)
  sinatra-contrib
  yajl-ruby (~> 1.1.0)
