GEM
  remote: http://rubygems.org/
  specs:
    activesupport (3.0.0.rc)
    builder (2.1.2)
    curb (0.7.8)
    feedzirra (0.0.24)
      activesupport (>= 2.3.8)
      builder (>= 2.1.2)
      curb (>= 0.2.3)
      loofah (>= 0.3.1)
      nokogiri (> 0.0.0)
      sax-machine (>= 0.0.12)
    json (1.4.6)
    loofah (0.4.7)
      nokogiri (>= 1.3.3)
    mocha (0.9.8)
      rake
    mock-server (0.1)
    nokogiri (1.4.3.1)
    rack (1.2.1)
    rack-test (0.5.4)
      rack (>= 1.0)
    rake (0.8.7)
    sax-machine (0.0.15)
      nokogiri (> 0.0.0)
    sinatra (1.0)
      rack (>= 1.0)

PLATFORMS
  ruby

DEPENDENCIES
  activesupport (= 3.0.0.rc)
  feedzirra
  json (~> 1.4.0)
  mocha (~> 0.9.8)
  mock-server
  rack-test
  sinatra (~> 1.0.0)
