GEM
  remote: http://rubygems.org/
  specs:
    activesupport (3.0.0)
    builder (2.1.2)
    curb (0.7.8)
    diff-lcs (1.1.2)
    feedzirra (0.0.24)
      activesupport (>= 2.3.8)
      builder (>= 2.1.2)
      curb (>= 0.2.3)
      loofah (>= 0.3.1)
      nokogiri (> 0.0.0)
      sax-machine (>= 0.0.12)
    json (1.4.6)
    loofah (0.4.7)
      nokogiri (>= 1.3.3)
    mimic (0.3.0)
      rack
      sinatra
    mocha (0.9.8)
      rake
    newrelic_rpm (2.13.1)
    nokogiri (1.4.3.1)
    rack (1.2.1)
    rack-test (0.5.4)
      rack (>= 1.0)
    rake (0.8.7)
    rspec (2.0.0)
      rspec-core (= 2.0.0)
      rspec-expectations (= 2.0.0)
      rspec-mocks (= 2.0.0)
    rspec-core (2.0.0)
    rspec-expectations (2.0.0)
      diff-lcs (>= 1.1.2)
    rspec-mocks (2.0.0)
      rspec-core (= 2.0.0)
      rspec-expectations (= 2.0.0)
    sax-machine (0.0.15)
      nokogiri (> 0.0.0)
    sinatra (1.1.0)
      rack (~> 1.1)
      tilt (~> 1.1)
    tilt (1.1)

PLATFORMS
  ruby

DEPENDENCIES
  activesupport (~> 3.0.0)
  feedzirra
  json (~> 1.4.0)
  mimic
  mocha (~> 0.9.8)
  newrelic_rpm
  rack-test
  rspec (~> 2.0.0)
  sinatra (~> 1.1.0)
